PATH
  remote: .
  specs:
    service-connection (0.0.5)
      authorizator-client (= 0.0.5)

GEM
  remote: https://rubygems.org/
  remote: http://michelangelo:davinci@git.ideas4all.com:9292/
  specs:
    authorizator-client (0.0.5)
      oauth2 (~> 0.9.3)
    byebug (3.1.2)
      columnize (~> 0.8)
      debugger-linecache (~> 1.2)
    columnize (0.8.9)
    debugger-linecache (1.2.0)
    diff-lcs (1.2.5)
    faraday (0.9.0)
      multipart-post (>= 1.2, < 3)
    jwt (0.1.11)
      multi_json (>= 1.5)
    multi_json (1.9.2)
    multi_xml (0.5.5)
    multipart-post (2.0.0)
    oauth2 (0.9.3)
      faraday (>= 0.8, < 0.10)
      jwt (~> 0.1.8)
      multi_json (~> 1.3)
      multi_xml (~> 0.5)
      rack (~> 1.2)
    rack (1.5.2)
    rake (10.2.2)
    rspec (3.0.0.rc1)
      rspec-core (= 3.0.0.rc1)
      rspec-expectations (= 3.0.0.rc1)
      rspec-mocks (= 3.0.0.rc1)
    rspec-core (3.0.0.rc1)
      rspec-support (= 3.0.0.rc1)
    rspec-expectations (3.0.0.rc1)
      diff-lcs (>= 1.2.0, < 2.0)
      rspec-support (= 3.0.0.rc1)
    rspec-mocks (3.0.0.rc1)
      rspec-support (= 3.0.0.rc1)
    rspec-support (3.0.0.rc1)

PLATFORMS
  ruby

DEPENDENCIES
  bundler (~> 1.6)
  byebug (~> 3.1)
  rake
  rspec (= 3.0.0.rc1)
  service-connection!
